GEM
  remote: https://rubygems.org/
  specs:
    ZenTest (4.11.1)
    backports (3.11.1)
    builder (3.2.3)
    byebug (10.0.0)
    cucumber (3.1.0)
      builder (>= 2.1.2)
      cucumber-core (~> 3.1.0)
      cucumber-expressions (~> 5.0.4)
      cucumber-wire (~> 0.0.1)
      diff-lcs (~> 1.3)
      gherkin (~> 5.0)
      multi_json (>= 1.7.5, < 2.0)
      multi_test (>= 0.1.2)
    cucumber-core (3.1.0)
      backports (>= 3.8.0)
      cucumber-tag_expressions (~> 1.1.0)
      gherkin (>= 5.0.0)
    cucumber-expressions (5.0.13)
    cucumber-tag_expressions (1.1.1)
    cucumber-wire (0.0.1)
    diff-lcs (1.3)
    faraday (0.14.0)
      multipart-post (>= 1.2, < 3)
    faraday_middleware (0.12.2)
      faraday (>= 0.7.4, < 1.0)
    gherkin (5.0.0)
    hashie (3.5.7)
    hipchat (1.6.0)
      httparty
      mimemagic
    httparty (0.15.6)
      multi_xml (>= 0.5.2)
    json (2.3.1)
    mimemagic (0.3.2)
    multi_json (1.13.1)
    multi_test (0.1.2)
    multi_xml (0.6.0)
    multipart-post (2.0.0)
    rspec (3.7.0)
      rspec-core (~> 3.7.0)
      rspec-expectations (~> 3.7.0)
      rspec-mocks (~> 3.7.0)
    rspec-core (3.7.1)
      rspec-support (~> 3.7.0)
    rspec-expectations (3.7.0)
      diff-lcs (>= 1.2.0, < 2.0)
      rspec-support (~> 3.7.0)
    rspec-mocks (3.7.0)
      diff-lcs (>= 1.2.0, < 2.0)
      rspec-support (~> 3.7.0)
    rspec-support (3.7.1)
    rubyoverflow (2.0.2.pre1)
      faraday
      hashie
      json

PLATFORMS
  ruby

DEPENDENCIES
  ZenTest
  byebug
  cucumber
  faraday_middleware
  hipchat
  rspec
  rubyoverflow (~> 2.0.2.pre1)

BUNDLED WITH
   1.16.1
