GEM
  remote: http://rubygems.org/
  specs:
    ZenTest (4.6.2)
    builder (3.0.0)
    cucumber (1.1.4)
      builder (>= 2.1.2)
      diff-lcs (>= 1.1.2)
      gherkin (~> 2.7.1)
      json (>= 1.4.6)
      term-ansicolor (>= 1.0.6)
    diff-lcs (1.1.3)
    gherkin (2.7.1)
      json (>= 1.4.6)
    hashie (1.2.0)
    httparty (0.8.1)
      multi_json
      multi_xml
    json (1.6.3)
    multi_json (1.0.4)
    multi_xml (0.4.1)
    rspec (2.7.0)
      rspec-core (~> 2.7.0)
      rspec-expectations (~> 2.7.0)
      rspec-mocks (~> 2.7.0)
    rspec-core (2.7.1)
    rspec-expectations (2.7.0)
      diff-lcs (~> 1.1.2)
    rspec-mocks (2.7.0)
    rubyoverflow (1.0.2)
      hashie
      httparty
    term-ansicolor (1.0.7)

PLATFORMS
  ruby

DEPENDENCIES
  ZenTest
  cucumber
  rspec
  rubyoverflow
