GEM
  remote: http://rubygems.org/
  specs:
    ZenTest (4.6.2)
    addressable (2.2.6)
    builder (3.0.0)
    cucumber (1.1.4)
      builder (>= 2.1.2)
      diff-lcs (>= 1.1.2)
      gherkin (~> 2.7.1)
      json (>= 1.4.6)
      term-ansicolor (>= 1.0.6)
    diff-lcs (1.1.3)
    faraday (0.7.5)
      addressable (~> 2.2.6)
      multipart-post (~> 1.1.3)
      rack (>= 1.1.0, < 2)
    gherkin (2.7.1)
      json (>= 1.4.6)
    hashie (1.2.0)
    json (1.6.3)
    multipart-post (1.1.4)
    rack (1.3.5)
    rspec (2.7.0)
      rspec-core (~> 2.7.0)
      rspec-expectations (~> 2.7.0)
      rspec-mocks (~> 2.7.0)
    rspec-core (2.7.1)
    rspec-expectations (2.7.0)
      diff-lcs (~> 1.1.2)
    rspec-mocks (2.7.0)
    rubyoverflow (2.0.2.pre1)
      faraday
      hashie
      json
    term-ansicolor (1.0.7)

PLATFORMS
  ruby

DEPENDENCIES
  ZenTest
  cucumber
  rspec
  rubyoverflow (~> 2.0.2.pre1)
